GEM
  remote: https://rubygems.org/
  specs:
    addressable (2.3.7)
    faraday (0.9.1)
      multipart-post (>= 1.2, < 3)
    fastimage (1.6.8)
      addressable (~> 2.3, >= 2.3.5)
    hashie (3.4.0)
    multi_json (1.10.1)
    multipart-post (2.0.0)
    redd (0.7.5)
      faraday (~> 0.9.1)
      fastimage (~> 1.6.6)
      hashie (~> 3.4.0)
      multi_json (~> 1.10.1)

PLATFORMS
  ruby

DEPENDENCIES
  redd (~> 0.7.5)
